PATH
  remote: .
  specs:
    human-ql (1.1.0)

GEM
  remote: https://rubygems.org/
  specs:
    minitest (5.14.3)
    pg (1.2.3)
    rake (13.0.3)
    rdoc (5.1.0)
    sequel (5.41.0)
    sequel_pg (1.14.0)
      pg (>= 0.18.0, != 1.2.0)
      sequel (>= 4.38.0)

PLATFORMS
  x86_64-linux

DEPENDENCIES
  human-ql!
  minitest (~> 5.14.1)
  pg (~> 1.2.1)
  rake (~> 13.0)
  rdoc (~> 5.1.0)
  sequel (~> 5.41)
  sequel_pg (~> 1.14)

BUNDLED WITH
   2.2.8
