PATH
  remote: .
  specs:
    human-ql (1.0.2)

GEM
  remote: https://rubygems.org/
  specs:
    minitest (5.9.1)
    pg (0.18.4)
    rake (12.0.0)
    rdoc (4.3.0)
    rjack-maven (3.0.5.0-java)
    rjack-tarpit (2.1.2)
      rake (>= 0.9.2.2)
    rjack-tarpit (2.1.2-java)
      rake (>= 0.9.2.2)
      rjack-maven (~> 3.0.4)
    sequel (4.47.0)
    sequel_pg (1.6.19)
      pg (>= 0.8.0)
      sequel (>= 4.0.0)

PLATFORMS
  java
  ruby
  universal-java-1.8
  x86_64-linux

DEPENDENCIES
  human-ql!
  minitest (~> 5.9.1)
  pg (~> 0.18.1)
  rdoc (~> 4.3.0)
  rjack-tarpit (~> 2.1)
  sequel (~> 4.36)
  sequel_pg (~> 1.6.11)

BUNDLED WITH
   1.15.1
