PATH
  remote: .
  specs:
    human-ql (1.0.0)

GEM
  remote: https://rubygems.org/
  specs:
    json (1.8.6)
    json (1.8.6-java)
    minitest (5.8.5)
    pg (0.18.4)
    rake (11.3.0)
    rdoc (4.0.1)
      json (~> 1.4)
    rjack-maven (3.0.5.0-java)
    rjack-tarpit (2.1.1)
      rake (>= 0.9.2.2, < 12)
      rdoc (>= 3.12, < 5)
    rjack-tarpit (2.1.1-java)
      rake (>= 0.9.2.2, < 12)
      rdoc (>= 3.12, < 5)
      rjack-maven (~> 3.0.4)
    sequel (4.43.0)
    sequel_pg (1.6.17)
      pg (>= 0.8.0)
      sequel (>= 4.0.0)

PLATFORMS
  java
  ruby

DEPENDENCIES
  human-ql!
  minitest (~> 5.8.4)
  pg (~> 0.18.1)
  rdoc (~> 4.0.1)
  rjack-tarpit (~> 2.1)
  sequel (~> 4.36)
  sequel_pg (~> 1.6.11)

BUNDLED WITH
   1.13.7
